GEM
  remote: https://rubygems.org/
  specs:
    chingu (0.8.1)
      crack
      gosu (>= 0.7.25)
      rest-client
    crack (0.4.0)
      safe_yaml (~> 0.9.0)
    gosu (0.7.47.1)
    mime-types (1.23)
    rest-client (1.6.7)
      mime-types (>= 1.16)
    safe_yaml (0.9.3)

PLATFORMS
  ruby

DEPENDENCIES
  chingu
  gosu
